GEM
  remote: https://rubygems.org/
  specs:
    file-tail (1.1.0)
      tins (~> 1.0)
    haml (4.0.7)
      tilt
    ruby2ruby (2.2.0)
      ruby_parser (~> 3.1)
      sexp_processor (~> 4.0)
    ruby_parser (3.7.2)
      sexp_processor (~> 4.1)
    sexp_processor (4.6.0)
    sourcify (0.5.0)
      file-tail (>= 1.0.5)
      ruby2ruby (>= 1.2.5)
      ruby_parser (>= 2.0.5)
      sexp_processor (>= 3.0.5)
    tilt (2.0.2)
    tins (1.8.2)

PLATFORMS
  ruby

DEPENDENCIES
  haml
  sourcify

BUNDLED WITH
   1.10.6
