GEM
  remote: https://rubygems.org/
  specs:
    haml (4.0.7)
      tilt
    posix-spawn (0.3.11)
    pygments.rb (0.6.3)
      posix-spawn (~> 0.3.6)
      yajl-ruby (~> 1.2.0)
    tilt (2.0.2)
    yajl-ruby (1.2.1)

PLATFORMS
  ruby

DEPENDENCIES
  haml
  pygments.rb

BUNDLED WITH
   1.10.6
